GEM
  remote: https://rubygems.org/
  specs:
    activerecord (3.2.14)
    activerecord-import (1.2.0)
      activerecord (>= 3.2)
    activesupport (7.0.4.1)
      concurrent-ruby (~> 1.0, >= 1.0.2)
      i18n (>= 1.6, < 2)
      minitest (>= 5.1)
      tzinfo (~> 2.0)
    concurrent-ruby (1.1.10)
    dotenv (2.7.5)
    i18n (1.12.0)
      concurrent-ruby (~> 1.0)
    minitest (5.17.0)
    sqlite3 (1.4.2)
    tzinfo (2.0.5)
      concurrent-ruby (~> 1.0)

PLATFORMS
  ruby

DEPENDENCIES
  activerecord-import
  dotenv
  sqlite3 (~> 1.4)

BUNDLED WITH
   2.0.2
